PATH
  remote: .
  specs:
    mdtoc (0.1.5)
      sorbet-runtime

GEM
  remote: https://rubygems.org/
  specs:
    ast (2.4.3)
    diff-lcs (1.6.1)
    json (2.11.3)
    language_server-protocol (3.17.0.4)
    lint_roller (1.1.0)
    minitest (5.25.5)
    parallel (1.27.0)
    parser (3.3.8.0)
      ast (~> 2.4.1)
      racc
    prism (1.4.0)
    racc (1.8.1)
    rainbow (3.1.1)
    rake (13.0.3)
    rbtree (0.4.6)
    regexp_parser (2.10.0)
    rubocop (1.75.4)
      json (~> 2.3)
      language_server-protocol (~> 3.17.0.2)
      lint_roller (~> 1.1.0)
      parallel (~> 1.10)
      parser (>= 3.3.0.2)
      rainbow (>= 2.2.2, < 4.0)
      regexp_parser (>= 2.9.3, < 3.0)
      rubocop-ast (>= 1.44.0, < 2.0)
      ruby-progressbar (~> 1.7)
      unicode-display_width (>= 2.4.0, < 4.0)
    rubocop-ast (1.44.1)
      parser (>= 3.3.7.2)
      prism (~> 1.4)
    rubocop-shopify (2.15.1)
      rubocop (~> 1.51)
    rubocop-sorbet (0.10.0)
      rubocop (>= 1)
    ruby-progressbar (1.13.0)
    ruby_parser (3.21.1)
      racc (~> 1.5)
      sexp_processor (~> 4.16)
    set (1.1.1)
    sexp_processor (4.17.3)
    sorbet (0.5.6274)
      sorbet-static (= 0.5.6274)
    sorbet-runtime (0.5.12043)
    sorbet-static (0.5.6274-universal-darwin-14)
    sorted_set (1.0.3)
      rbtree
      set (~> 1.0)
    unicode-display_width (3.1.4)
      unicode-emoji (~> 4.0, >= 4.0.4)
    unicode-emoji (4.0.4)
    unparser (0.6.13)
      diff-lcs (~> 1.3)
      parser (>= 3.3.0)

PLATFORMS
  ruby

DEPENDENCIES
  mdtoc!
  minitest (~> 5.25)
  rake
  rubocop (~> 1.50)
  rubocop-shopify (>= 2.0.0)
  rubocop-sorbet (~> 0.10.0)
  ruby_parser
  sorbet
  sorted_set
  unparser (~> 0.6.0)

BUNDLED WITH
   2.1.4
