PATH
  remote: .
  specs:
    mdtoc (0.1.4)
      sorbet-runtime

GEM
  remote: https://rubygems.org/
  specs:
    abstract_type (0.0.7)
    adamantium (0.2.0)
      ice_nine (~> 0.11.0)
      memoizable (~> 0.4.0)
    anima (0.3.2)
      abstract_type (~> 0.0.7)
      adamantium (~> 0.2)
      equalizer (~> 0.0.11)
    ast (2.4.2)
    concord (0.1.6)
      adamantium (~> 0.2.0)
      equalizer (~> 0.0.9)
    diff-lcs (1.4.4)
    equalizer (0.0.11)
    ice_nine (0.11.2)
    memoizable (0.4.2)
      thread_safe (~> 0.3, >= 0.3.1)
    minitest (5.14.3)
    mprelude (0.1.0)
      abstract_type (~> 0.0.7)
      adamantium (~> 0.2.0)
      concord (~> 0.1.5)
      equalizer (~> 0.0.9)
      ice_nine (~> 0.11.1)
      procto (~> 0.0.2)
    parallel (1.20.1)
    parser (3.0.0.0)
      ast (~> 2.4.1)
    procto (0.0.3)
    rainbow (3.0.0)
    rake (13.0.3)
    regexp_parser (2.0.3)
    rexml (3.2.4)
    rubocop (0.93.1)
      parallel (~> 1.10)
      parser (>= 2.7.1.5)
      rainbow (>= 2.2.2, < 4.0)
      regexp_parser (>= 1.8)
      rexml
      rubocop-ast (>= 0.6.0)
      ruby-progressbar (~> 1.7)
      unicode-display_width (>= 1.4.0, < 2.0)
    rubocop-ast (1.4.1)
      parser (>= 2.7.1.5)
    rubocop-shopify (1.0.6)
      rubocop (>= 0.92, < 0.94)
    rubocop-sorbet (0.5.1)
      rubocop
    ruby-progressbar (1.11.0)
    sorbet (0.5.6274)
      sorbet-static (= 0.5.6274)
    sorbet-runtime (0.5.6274)
    sorbet-static (0.5.6274-universal-darwin-14)
    thread_safe (0.3.6)
    unicode-display_width (1.7.0)
    unparser (0.4.9)
      abstract_type (~> 0.0.7)
      adamantium (~> 0.2.0)
      anima (~> 0.3.1)
      concord (~> 0.1.5)
      diff-lcs (~> 1.3)
      equalizer (~> 0.0.9)
      mprelude (~> 0.1.0)
      parser (>= 2.6.5)
      procto (~> 0.0.2)

PLATFORMS
  ruby

DEPENDENCIES
  mdtoc!
  minitest (~> 5)
  rake
  rubocop (~> 0.86)
  rubocop-shopify (>= 1.0.4)
  rubocop-sorbet (~> 0.5)
  sorbet
  unparser (~> 0.4.9)

BUNDLED WITH
   2.1.4
